PATH
  remote: .
  specs:
    envin (0.1.6)

GEM
  remote: https://rubygems.org/
  specs:

PLATFORMS
  ruby

DEPENDENCIES
  envin!

BUNDLED WITH
   1.16.0
