PATH
  remote: .
  specs:
    envin (0.1.7)
      deep_merge (~> 1.2.1)

GEM
  remote: https://rubygems.org/
  specs:
    deep_merge (1.2.1)

PLATFORMS
  ruby

DEPENDENCIES
  envin!

BUNDLED WITH
   1.16.0
