PATH
  remote: .
  specs:
    envin (0.1.3)

GEM
  remote: https://rubygems.org/
  specs:

PLATFORMS
  ruby

DEPENDENCIES
  envin!

BUNDLED WITH
   1.16.0.pre.2
